GEM
  remote: https://rubygems.org/
  specs:
    activesupport (4.2.11)
      i18n (~> 0.7)
      minitest (~> 5.1)
      thread_safe (~> 0.3, >= 0.3.4)
      tzinfo (~> 1.1)
    addressable (2.3.8)
    ast (2.4.0)
    builder (3.2.3)
    capybara (2.4.4)
      mime-types (>= 1.16)
      nokogiri (>= 1.3.3)
      rack (>= 1.0.0)
      rack-test (>= 0.5.4)
      xpath (~> 2.0)
    chunky_png (1.3.11)
    coffee-script (2.4.1)
      coffee-script-source
      execjs
    coffee-script-source (1.12.2)
    compass (1.0.3)
      chunky_png (~> 1.2)
      compass-core (~> 1.0.2)
      compass-import-once (~> 1.0.5)
      rb-fsevent (>= 0.9.3)
      rb-inotify (>= 0.9)
      sass (>= 3.3.13, < 3.5)
    compass-core (1.0.3)
      multi_json (~> 1.0)
      sass (>= 3.3.0, < 3.5)
    compass-import-once (1.0.5)
      sass (>= 3.2, < 3.5)
    em-websocket (0.5.1)
      eventmachine (>= 0.12.9)
      http_parser.rb (~> 0.6.0)
    erubis (2.7.0)
    eventmachine (1.2.7)
    execjs (2.7.0)
    ffi (1.9.25)
    haml (5.0.4)
      temple (>= 0.8.0)
      tilt
    hike (1.2.3)
    hooks (0.4.1)
      uber (~> 0.0.14)
    htmlcompressor (0.2.0)
    http_parser.rb (0.6.0)
    httpclient (2.8.3)
    i18n (0.7.0)
    jaro_winkler (1.5.1)
    json (2.1.0)
    kramdown (1.17.0)
    listen (3.0.8)
      rb-fsevent (~> 0.9, >= 0.9.4)
      rb-inotify (~> 0.9, >= 0.9.7)
    middleman (3.4.1)
      coffee-script (~> 2.2)
      compass (>= 1.0.0, < 2.0.0)
      compass-import-once (= 1.0.5)
      execjs (~> 2.0)
      haml (>= 4.0.5)
      kramdown (~> 1.2)
      middleman-core (= 3.4.1)
      middleman-sprockets (>= 3.1.2)
      sass (>= 3.4.0, < 4.0)
      uglifier (~> 2.5)
    middleman-blog (3.5.3)
      addressable (~> 2.3.5)
      middleman-core (~> 3.2)
      tzinfo (>= 0.3.0)
    middleman-bower (1.0.2)
      sprockets-bower (>= 0.0.2)
    middleman-core (3.4.1)
      activesupport (~> 4.1)
      bundler (~> 1.1)
      capybara (~> 2.4.4)
      erubis
      hooks (~> 0.3)
      i18n (~> 0.7.0)
      listen (~> 3.0.3)
      padrino-helpers (~> 0.12.3)
      rack (>= 1.4.5, < 2.0)
      thor (>= 0.15.2, < 2.0)
      tilt (~> 1.4.1, < 2.0)
    middleman-deploy (1.0.0)
      middleman-core (>= 3.2)
      net-sftp
      ptools
    middleman-livereload (3.4.6)
      em-websocket (~> 0.5.1)
      middleman-core (>= 3.3)
      rack-livereload (~> 0.3.15)
    middleman-minify-html (3.4.1)
      htmlcompressor (~> 0.2.0)
      middleman-core (>= 3.2)
    middleman-ogp (1.3.0)
      middleman-core (>= 3.2)
    middleman-search_engine_sitemap (1.3.0)
      builder
      middleman-core (~> 3.2)
    middleman-smusher (3.0.0)
      middleman (>= 3.0.0)
      smusher (~> 0.4.9)
    middleman-sprockets (3.5.0)
      middleman-core (>= 3.3)
      sprockets (~> 2.12.1)
      sprockets-helpers (~> 1.1.0)
      sprockets-sass (~> 1.3.0)
    mime-types (3.2.2)
      mime-types-data (~> 3.2015)
    mime-types-data (3.2018.0812)
    mini_portile2 (2.4.0)
    minitest (5.11.3)
    multi_json (1.13.1)
    net-sftp (2.1.2)
      net-ssh (>= 2.6.5)
    net-ssh (5.1.0)
    nokogiri (1.10.8)
      mini_portile2 (~> 2.4.0)
    padrino-helpers (0.12.9)
      i18n (~> 0.6, >= 0.6.7)
      padrino-support (= 0.12.9)
      tilt (>= 1.4.1, < 3)
    padrino-support (0.12.9)
      activesupport (>= 3.1)
    parallel (1.12.1)
    parser (2.5.3.0)
      ast (~> 2.4.0)
    powerpack (0.1.2)
    ptools (1.3.5)
    rack (1.6.12)
    rack-livereload (0.3.17)
      rack
    rack-test (1.1.0)
      rack (>= 1.0, < 3)
    rainbow (3.0.0)
    rake (12.3.2)
    rb-fsevent (0.10.3)
    rb-inotify (0.10.0)
      ffi (~> 1.0)
    redcarpet (3.4.0)
    rubocop (0.62.0)
      jaro_winkler (~> 1.5.1)
      parallel (~> 1.10)
      parser (>= 2.5, != 2.5.1.1)
      powerpack (~> 0.1)
      rainbow (>= 2.2.2, < 4.0)
      ruby-progressbar (~> 1.7)
      unicode-display_width (~> 1.4.0)
    ruby-progressbar (1.10.0)
    sass (3.4.25)
    smusher (0.4.9)
      httpclient (>= 2.2)
      json
      rake
    sprockets (2.12.5)
      hike (~> 1.2)
      multi_json (~> 1.0)
      rack (~> 1.0)
      tilt (~> 1.1, != 1.3.0)
    sprockets-bower (0.0.2)
    sprockets-helpers (1.1.0)
      sprockets (~> 2.0)
    sprockets-sass (1.3.1)
      sprockets (~> 2.0)
      tilt (~> 1.1)
    temple (0.8.0)
    thor (0.20.3)
    thread_safe (0.3.6)
    tilt (1.4.1)
    tzinfo (1.2.5)
      thread_safe (~> 0.1)
    uber (0.0.15)
    uglifier (2.7.2)
      execjs (>= 0.3.0)
      json (>= 1.8.0)
    unicode-display_width (1.4.1)
    xpath (2.1.0)
      nokogiri (~> 1.3)

PLATFORMS
  ruby

DEPENDENCIES
  bundler (~> 1.17)
  middleman (~> 3)
  middleman-blog
  middleman-bower
  middleman-deploy
  middleman-livereload
  middleman-minify-html
  middleman-ogp
  middleman-search_engine_sitemap
  middleman-smusher
  redcarpet (~> 3.0)
  rubocop

BUNDLED WITH
   1.17.3
